GEM
  remote: https://rubygems.org/
  specs:
    eventmachine (1.0.3)
    rubydns (0.7.3)
      eventmachine (~> 1.0.0)
      rexec (~> 1.6.2)

PLATFORMS
  ruby

DEPENDENCIES
  rubydns
